GEM
  remote: http://rubygems.org/
  specs:
    activesupport (3.2.13)
      i18n (= 0.6.1)
      multi_json (~> 1.0)
    builder (3.0.0)
    haml (3.1.2)
    i18n (0.6.1)
    kgio (2.8.0)
    lilypad (0.3.1)
      builder (>= 2.1.2)
      require (= 0.2.6)
    multi_json (1.7.3)
    rack (1.3.4)
    rack-test (0.6.1)
      rack (>= 1.0)
    raindrops (0.11.0)
    redis (2.2.2)
    require (0.2.6)
    rspec (1.3.2)
    sinatra (1.2.6)
      rack (~> 1.1)
      tilt (>= 1.2.2, < 2.0)
    tilt (1.3.3)
    unicorn (4.6.2)
      kgio (~> 2.6)
      rack
      raindrops (~> 0.7)
    yajl-ruby (1.0.0)

PLATFORMS
  ruby

DEPENDENCIES
  activesupport
  haml (= 3.1.2)
  lilypad (= 0.3.1)
  rack-test (= 0.6.1)
  redis (= 2.2.2)
  rspec (~> 1.0)
  sinatra (= 1.2.6)
  unicorn
  yajl-ruby (= 1.0.0)
