PATH
  remote: .
  specs:
    gem_template (0.1.0)
      bundler
      haml (= 3.1.2)
      lilypad (= 0.3.1)
      redis (= 2.2.2)
      sinatra (= 1.2.6)

GEM
  remote: http://rubygems.org/
  specs:
    builder (3.0.0)
    haml (3.1.2)
    lilypad (0.3.1)
      builder (>= 2.1.2)
      require (= 0.2.6)
    rack (1.3.3)
    rack-test (0.6.1)
      rack (>= 1.0)
    redis (2.2.2)
    require (0.2.6)
    rspec (1.3.2)
    sinatra (1.2.6)
      rack (~> 1.1)
      tilt (< 2.0, >= 1.2.2)
    tilt (1.3.3)

PLATFORMS
  ruby

DEPENDENCIES
  gem_template!
  rack-test (= 0.6.1)
  rspec (~> 1.0)
